NUGET
  remote: https://www.nuget.org/api/v2
    FsXaml.Wpf (3.1.6)
