RESTRICTION: == netstandard2.0
NUGET
  remote: https://www.nuget.org/api/v2
    Google.DataTable.Net.Wrapper (3.1.2)
    Newtonsoft.Json (11.0.2)
    XPlot.GoogleCharts (1.4.5)
      Google.DataTable.Net.Wrapper (>= 3.1.2)
      Newtonsoft.Json (>= 10.0.3)
